PATH
  remote: .
  specs:
    opt_ar (1.0.0)
      activerecord (>= 3.2)
      mysql2 (>= 0.3)

GEM
  remote: https://rubygems.org/
  specs:
    activemodel (4.2.6)
      activesupport (= 4.2.6)
      builder (~> 3.1)
    activerecord (4.2.6)
      activemodel (= 4.2.6)
      activesupport (= 4.2.6)
      arel (~> 6.0)
    activesupport (4.2.6)
      i18n (~> 0.7)
      json (~> 1.7, >= 1.7.7)
      minitest (~> 5.1)
      thread_safe (~> 0.3, >= 0.3.4)
      tzinfo (~> 1.1)
    ansi (1.5.0)
    arel (6.0.4)
    builder (3.2.3)
    byebug (10.0.2)
    i18n (0.8.1)
    json (1.8.6)
    minitest (5.10.1)
    minitest-logger (0.1.1)
      minitest
    minitest-reporters (1.3.5)
      ansi
      builder
      minitest (>= 5.0)
      ruby-progressbar
    mysql2 (0.4.9)
    rake (10.4.2)
    ruby-progressbar (1.10.0)
    thread_safe (0.3.6)
    tzinfo (1.2.2)
      thread_safe (~> 0.1)

PLATFORMS
  ruby

DEPENDENCIES
  activerecord (>= 3.2)
  bundler (~> 1.16)
  byebug (= 10.0.2)
  minitest (~> 5.0)
  minitest-logger
  minitest-reporters
  mysql2 (>= 0.3)
  opt_ar!
  rake (~> 10.0)

BUNDLED WITH
   1.16.1
